GEM
  remote: https://rubygems.org/
  specs:
    addressable (2.8.1)
      public_suffix (>= 2.0.2, < 6.0)
    capybara (3.38.0)
      addressable
      matrix
      mini_mime (>= 0.1.3)
      nokogiri (~> 1.8)
      rack (>= 1.6.0)
      rack-test (>= 0.6.3)
      regexp_parser (>= 1.5, < 3.0)
      xpath (~> 3.2)
    database_cleaner-core (2.0.1)
    database_cleaner-sequel (2.0.2)
      database_cleaner-core (~> 2.0.0)
      sequel
    docile (1.4.0)
    domain_name (0.5.20190701)
      unf (>= 0.0.5, < 1.0.0)
    erubi (1.12.0)
    ffi (1.15.5)
    ffi-compiler (1.0.1)
      ffi (>= 1.0.0)
      rake
    http (5.1.1)
      addressable (~> 2.8)
      http-cookie (~> 1.0)
      http-form_data (~> 2.2)
      llhttp-ffi (~> 0.4.0)
    http-cookie (1.0.5)
      domain_name (~> 0.5)
    http-form_data (2.3.0)
    llhttp-ffi (0.4.0)
      ffi-compiler (~> 1.0)
      rake (~> 13.0)
    matrix (0.4.2)
    mini_mime (1.1.2)
    minitest (5.17.0)
    minitest-around (0.5.0)
      minitest (~> 5.0)
    minitest-global_expectations (1.0.1)
      minitest (> 5)
    minitest-hooks (1.5.0)
      minitest (> 5.3)
    nokogiri (1.14.1-x86_64-linux)
      racc (~> 1.4)
    pg (1.4.5)
    public_suffix (5.0.1)
    racc (1.6.2)
    rack (3.0.4.1)
    rack-test (2.0.2)
      rack (>= 1.3)
    rack-unreloader (2.1.0)
    rackup (2.1.0)
      rack (>= 3)
      webrick (~> 1.8)
    rake (13.0.6)
    refrigerator (1.5.1)
    regexp_parser (2.7.0)
    roda (3.64.0)
      rack
    sassc (2.4.0)
      ffi (~> 1.9)
    sequel (5.65.0)
    sequel-annotate (1.7.0)
      sequel (>= 4)
    sequel_pg (1.17.1)
      pg (>= 0.18.0, != 1.2.0)
      sequel (>= 4.38.0)
    simplecov (0.22.0)
      docile (~> 1.1)
      simplecov-html (~> 0.11)
      simplecov_json_formatter (~> 0.1)
    simplecov-html (0.12.3)
    simplecov_json_formatter (0.1.4)
    sqlite3 (1.6.0-x86_64-linux)
    tilt (2.0.11)
    timecop (0.9.6)
    unf (0.1.4)
      unf_ext
    unf_ext (0.0.8.2)
    webrick (1.8.1)
    xpath (3.2.0)
      nokogiri (~> 1.8)

PLATFORMS
  x86_64-linux

DEPENDENCIES
  capybara
  database_cleaner-sequel
  erubi (>= 1.5)
  http (~> 5.1)
  minitest (>= 5.7.0)
  minitest-around
  minitest-global_expectations
  minitest-hooks (>= 1.1.0)
  rack-unreloader (>= 2.1)
  rackup (~> 2.1)
  rake
  refrigerator (>= 1)
  roda (>= 3.63)
  sassc (>= 2)
  sequel (>= 5.62)
  sequel-annotate
  sequel_pg (>= 1.8)
  simplecov
  sqlite3 (~> 1.6)
  tilt (>= 2.0.9)
  timecop (~> 0.9.6)

BUNDLED WITH
   2.4.1
